GEM
  remote: https://rubygems.org/
  specs:
    actionmailer (3.2.1)
      actionpack (= 3.2.1)
      mail (~> 2.4.0)
    actionpack (3.2.1)
      activemodel (= 3.2.1)
      activesupport (= 3.2.1)
      builder (~> 3.0.0)
      erubis (~> 2.7.0)
      journey (~> 1.0.1)
      rack (~> 1.4.0)
      rack-cache (~> 1.1)
      rack-test (~> 0.6.1)
      sprockets (~> 2.1.2)
<<<<<<< HEAD
    activeadmin (0.4.3)
      bourbon (>= 1.0.0)
      devise (>= 1.1.2)
      fastercsv
      formtastic (>= 2.0.0)
      inherited_resources (> 0)
      jquery-rails (>= 1.0.0)
      kaminari (>= 0.13.0)
      meta_search (>= 0.9.2)
      rails (>= 3.0.0)
      sass (>= 3.1.0)
=======
>>>>>>> a5d9e0429f85b4ddb8f9eeb223ded560090cccab
    activemodel (3.2.1)
      activesupport (= 3.2.1)
      builder (~> 3.0.0)
    activerecord (3.2.1)
      activemodel (= 3.2.1)
      activesupport (= 3.2.1)
      arel (~> 3.0.0)
      tzinfo (~> 0.3.29)
    activeresource (3.2.1)
      activemodel (= 3.2.1)
      activesupport (= 3.2.1)
    activesupport (3.2.1)
      i18n (~> 0.6)
      multi_json (~> 1.0)
<<<<<<< HEAD
    annotate (2.4.0)
    arel (3.0.2)
    bcrypt-ruby (3.0.1-x86-mingw32)
    bourbon (1.4.0)
      sass (>= 3.1)
=======
    arel (3.0.2)
    bcrypt-ruby (3.0.1)
>>>>>>> a5d9e0429f85b4ddb8f9eeb223ded560090cccab
    builder (3.0.0)
    cancan (1.6.7)
    client_side_validations (3.1.4)
    cmu_person (0.0.1)
      net-ldap
    coffee-rails (3.2.2)
      coffee-script (>= 2.2.0)
      railties (~> 3.2.0)
    coffee-script (2.2.0)
      coffee-script-source
      execjs
    coffee-script-source (1.3.1)
    erubis (2.7.0)
    event-calendar (2.3.3)
    execjs (1.3.0)
      multi_json (~> 1.0)
<<<<<<< HEAD
    factory_girl (3.0.0)
      activesupport (>= 3.0.0)
    factory_girl_rails (3.0.0)
      factory_girl (~> 3.0.0)
      railties (>= 3.0.0)
    faker (1.0.1)
      i18n (~> 0.4)
    fastercsv (1.5.4)
    formtastic (2.1.1)
      actionpack (~> 3.0)
    has_scope (0.5.1)
=======
>>>>>>> a5d9e0429f85b4ddb8f9eeb223ded560090cccab
    hike (1.2.1)
    hirb (0.6.2)
    i18n (0.6.0)
<<<<<<< HEAD
    inherited_resources (1.3.1)
      has_scope (~> 0.5.0)
      responders (~> 0.6)
    journey (1.0.3)
    jquery-rails (2.0.2)
      railties (>= 3.2.0, < 5.0)
      thor (~> 0.14)
    json (1.6.6)
    kaminari (0.13.0)
      actionpack (>= 3.0.0)
      activesupport (>= 3.0.0)
      railties (>= 3.0.0)
=======
    journey (1.0.3)
    jquery-rails (2.0.2)
      railties (< 5.0, >= 3.2.0)
      thor (~> 0.14)
    json (1.6.6)
>>>>>>> a5d9e0429f85b4ddb8f9eeb223ded560090cccab
    mail (2.4.4)
      i18n (>= 0.4.0)
      mime-types (~> 1.16)
      treetop (~> 1.4.8)
    metaclass (0.0.1)
    mime-types (1.18)
    mocha (0.10.5)
      metaclass (~> 0.0.1)
<<<<<<< HEAD
    multi_json (1.2.0)
=======
    multi_json (1.3.1)
>>>>>>> a5d9e0429f85b4ddb8f9eeb223ded560090cccab
    nested_form (0.2.0)
    net-ldap (0.3.1)
    nifty-generators (0.4.6)
    opentok (0.0.5)
<<<<<<< HEAD
    orm_adapter (0.0.7)
    polyamorous (0.5.0)
      activerecord (~> 3.0)
=======
>>>>>>> a5d9e0429f85b4ddb8f9eeb223ded560090cccab
    polyglot (0.3.3)
    populator3 (0.2.7)
    rack (1.4.1)
    rack-cache (1.2)
      rack (>= 0.4)
    rack-ssl (1.3.2)
      rack
    rack-test (0.6.1)
      rack (>= 1.0)
    rails (3.2.1)
      actionmailer (= 3.2.1)
      actionpack (= 3.2.1)
      activerecord (= 3.2.1)
      activeresource (= 3.2.1)
      activesupport (= 3.2.1)
      bundler (~> 1.0)
      railties (= 3.2.1)
    railties (3.2.1)
      actionpack (= 3.2.1)
      activesupport (= 3.2.1)
      rack-ssl (~> 1.3.2)
      rake (>= 0.8.7)
      rdoc (~> 3.4)
      thor (~> 0.14.6)
    rake (0.9.2.2)
    rdoc (3.12)
      json (~> 1.4)
<<<<<<< HEAD
    responders (0.9.1)
      railties (~> 3.1)
=======
>>>>>>> a5d9e0429f85b4ddb8f9eeb223ded560090cccab
    sass (3.1.15)
    sass-rails (3.2.5)
      railties (~> 3.2.0)
      sass (>= 3.1.10)
      tilt (~> 1.3)
    shoulda (3.0.1)
      shoulda-context (~> 1.0.0)
      shoulda-matchers (~> 1.0.0)
    shoulda-context (1.0.0)
    shoulda-matchers (1.0.0)
    sprockets (2.1.2)
      hike (~> 1.2)
      rack (~> 1.0)
<<<<<<< HEAD
      tilt (~> 1.1, != 1.3.0)
    sqlite3 (1.3.5-x86-mingw32)
=======
      tilt (!= 1.3.0, ~> 1.1)
    sqlite3 (1.3.5)
>>>>>>> a5d9e0429f85b4ddb8f9eeb223ded560090cccab
    thor (0.14.6)
    tilt (1.3.3)
    treetop (1.4.10)
      polyglot
      polyglot (>= 0.3.1)
<<<<<<< HEAD
    tzinfo (0.3.32)
=======
    tzinfo (0.3.33)
>>>>>>> a5d9e0429f85b4ddb8f9eeb223ded560090cccab
    uglifier (1.2.4)
      execjs (>= 0.3.0)
      multi_json (>= 1.0.2)
    will_paginate (3.0.3)
    wirble (0.1.3)

PLATFORMS
<<<<<<< HEAD
  x86-mingw32

DEPENDENCIES
  activeadmin
  annotate
=======
  ruby

DEPENDENCIES
>>>>>>> a5d9e0429f85b4ddb8f9eeb223ded560090cccab
  bcrypt-ruby
  cancan
  client_side_validations
  cmu_person
  coffee-rails (~> 3.2.1)
  event-calendar
  factory_girl_rails
  faker
  hirb
  jquery-rails
  mocha
  nested_form
  nifty-generators
  opentok
  populator3
  rails (= 3.2.1)
  sass-rails (~> 3.2.3)
  shoulda
  sqlite3
  uglifier (>= 1.0.3)
  will_paginate
  wirble
